PATH
  remote: .
  specs:
    nanoc-html-pipeline (0.3.2)
      html-pipeline (~> 2.0)
      nanoc (>= 3.1, < 5.0)

GEM
  remote: http://rubygems.org/
  specs:
    activesupport (4.2.4)
      i18n (~> 0.7)
      json (~> 1.7, >= 1.7.7)
      minitest (~> 5.1)
      thread_safe (~> 0.3, >= 0.3.4)
      tzinfo (~> 1.1)
    colored (1.2)
    cri (2.7.0)
      colored (~> 1.2)
    gemoji (2.1.0)
    github-markdown (0.6.9)
    html-pipeline (2.2.1)
      activesupport (>= 2, < 5)
      nokogiri (>= 1.4)
    i18n (0.7.0)
    json (1.8.3)
    mini_portile (0.6.2)
    minitest (5.8.1)
    nanoc (3.8.0)
      cri (~> 2.3)
    nokogiri (1.6.6.2)
      mini_portile (~> 0.6.0)
    power_assert (0.2.4)
    rinku (1.7.3)
    sanitize (2.1.0)
      nokogiri (>= 1.4.4)
    test-unit (3.1.5)
      power_assert
    thread_safe (0.3.5)
    tzinfo (1.2.2)
      thread_safe (~> 0.1)

PLATFORMS
  ruby

DEPENDENCIES
  gemoji (~> 2.0)
  github-markdown (~> 0.6)
  nanoc-html-pipeline!
  rinku (~> 1.7)
  sanitize (~> 2.0)
  test-unit (~> 3.1)

BUNDLED WITH
   1.10.6
