PATH
  remote: .
  specs:
    nanoc-html-pipeline (0.2.0)
      html-pipeline (>= 1.0.0)
      nanoc (>= 3.1.6)

GEM
  remote: http://rubygems.org/
  specs:
    activesupport (4.0.1)
      i18n (~> 0.6, >= 0.6.4)
      minitest (~> 4.2)
      multi_json (~> 1.3)
      thread_safe (~> 0.1)
      tzinfo (~> 0.3.37)
    atomic (1.1.14)
    colored (1.2)
    cri (2.4.0)
      colored (>= 1.2)
    gemoji (1.5.0)
    github-markdown (0.6.3)
    html-pipeline (1.1.0)
      activesupport (>= 2)
      nokogiri (~> 1.4)
    i18n (0.6.5)
    mini_portile (0.5.2)
    minitest (4.7.5)
    multi_json (1.8.2)
    nanoc (3.6.6)
      cri (~> 2.3)
    nokogiri (1.6.0)
      mini_portile (~> 0.5.0)
    rinku (1.7.3)
    sanitize (2.0.6)
      nokogiri (>= 1.4.4)
    thread_safe (0.1.3)
      atomic
    tzinfo (0.3.38)

PLATFORMS
  ruby

DEPENDENCIES
  gemoji (~> 1.5.0)
  github-markdown (~> 0.6.3)
  nanoc-html-pipeline!
  rinku (~> 1.7.3)
  sanitize (~> 2.0.6)
